GIT
  remote: https://github.com/naofumi-fujii/jp_business_day
  revision: 01d0d687dc8e0f886fd8682269b0d0a4366d4fa6
  specs:
    jp_business_day (1.1.0)
      holiday_japan (~> 1.4.4)

GEM
  remote: https://rubygems.org/
  specs:
    holiday_japan (1.4.4)

PLATFORMS
  x86_64-darwin-20

DEPENDENCIES
  jp_business_day!

BUNDLED WITH
   2.2.3
