GIT
  remote: https://github.com/naofumi-fujii/jp_business_day
  revision: c85ee00a5c8e70a28f91686b7ce128e22baa1f84
  specs:
    jp_business_day (1.1.0)
      holiday_japan (~> 1.4.4)

GEM
  remote: https://rubygems.org/
  specs:
    holiday_japan (1.4.4)

PLATFORMS
  x86_64-darwin-20

DEPENDENCIES
  jp_business_day!

BUNDLED WITH
   2.2.3
