GIT
  remote: https://github.com/naofumi-fujii/jp_business_day
  revision: cf68e680c16df66a2fe1e915fbc1104f772c7bd7
  specs:
    jp_business_day (1.1.0)
      holiday_japan (~> 1.4.4)

GEM
  remote: https://rubygems.org/
  specs:
    holiday_japan (1.4.4)

PLATFORMS
  x86_64-darwin-20

DEPENDENCIES
  jp_business_day!

BUNDLED WITH
   2.2.3
