GIT
  remote: https://github.com/naofumi-fujii/jp_business_day
  revision: ab7cc27cb7f637784788fbf46a83bc060a3d12d4
  specs:
    jp_business_day (0.1.0)
      holiday_japan (~> 1.4.4)

GEM
  remote: https://rubygems.org/
  specs:
    holiday_japan (1.4.4)

PLATFORMS
  x86_64-darwin-20

DEPENDENCIES
  jp_business_day!

BUNDLED WITH
   2.2.3
